GEM
  remote: https://rubygems.org/
  specs:
    activesupport (6.0.3.1)
      concurrent-ruby (~> 1.0, >= 1.0.2)
      i18n (>= 0.7, < 2)
      minitest (~> 5.1)
      tzinfo (~> 1.1)
      zeitwerk (~> 2.2, >= 2.2.2)
    awesome_print (1.9.2)
    base62-rb (0.3.1)
    colored2 (3.1.2)
    concurrent-ruby (1.3.5)
    connection_pool (2.5.3)
    hashie (5.0.0)
    i18n (1.14.7)
      concurrent-ruby (~> 1.0)
    minitest (5.25.5)
    pastel (0.8.0)
      tty-color (~> 0.5)
    rbtree (0.4.6)
    redis (5.4.0)
      redis-client (>= 0.22.0)
    redis-client (0.24.0)
      connection_pool
    set (1.0.4)
    simple-feed (3.2.0)
      activesupport
      awesome_print
      base62-rb
      colored2
      connection_pool (~> 2)
      hashie
      redis
      sorted_set
      tty-box
      tty-screen
    sorted_set (1.0.3)
      rbtree
      set (~> 1.0)
    strings (0.2.1)
      strings-ansi (~> 0.2)
      unicode-display_width (>= 1.5, < 3.0)
      unicode_utils (~> 1.4)
    strings-ansi (0.2.0)
    thread_safe (0.3.6)
    tty-box (0.7.0)
      pastel (~> 0.8)
      strings (~> 0.2.0)
      tty-cursor (~> 0.7)
    tty-color (0.6.0)
    tty-cursor (0.7.1)
    tty-screen (0.8.2)
    tzinfo (1.2.11)
      thread_safe (~> 0.1)
    unicode-display_width (2.6.0)
    unicode_utils (1.4.0)
    zeitwerk (2.6.18)

PLATFORMS
  ruby

DEPENDENCIES
  activesupport (= 6.0.3.1)
  simple-feed (= 3.2.0)

BUNDLED WITH
   2.4.22
