GIT
  remote: https://github.com/asciidoctor/asciidoctor-pdf.git
  revision: 5aebe179c9c8931de4ba5e501696cadb3206d469
  specs:
    asciidoctor-pdf (3.0.0.alpha.0)
      asciidoctor (~> 2.0)
      concurrent-ruby (~> 1.1)
      matrix (~> 0.4)
      prawn (~> 2.4.0)
      prawn-icon (~> 3.1.0)
      prawn-svg (~> 0.34.0)
      prawn-table (~> 0.2.0)
      prawn-templates (~> 0.1.0)
      treetop (~> 1.6.0)

GIT
  remote: https://github.com/prawnpdf/prawn-table.git
  revision: 38b5bdb5dd95237646675c968091706f57a7a641
  specs:
    prawn-table (0.2.3)
      prawn (>= 1.3.0, < 3.0.0)

GIT
  remote: https://github.com/prawnpdf/ttfunk.git
  revision: 885061ed7fd0d1397ff40b3c67fb9d93dc30dcd0
  specs:
    ttfunk (1.8.0)
      bigdecimal (~> 3.1)

GEM
  remote: https://rubygems.org/
  specs:
    Ascii85 (1.1.0)
    activesupport (7.1.3.2)
      base64
      bigdecimal
      concurrent-ruby (~> 1.0, >= 1.0.2)
      connection_pool (>= 2.2.5)
      drb
      i18n (>= 1.6, < 2)
      minitest (>= 5.1)
      mutex_m
      tzinfo (~> 2.0)
    addressable (2.8.6)
      public_suffix (>= 2.0.2, < 6.0)
    afm (0.2.2)
    asciidoctor (2.0.22)
    async (2.11.0)
      console (~> 1.25, >= 1.25.2)
      fiber-annotation
      io-event (~> 1.5, >= 1.5.1)
      timers (~> 4.1)
    async-http (0.66.2)
      async (>= 2.10.2)
      async-pool (>= 0.6.1)
      io-endpoint (~> 0.10)
      io-stream (~> 0.4)
      protocol-http (~> 0.26.0)
      protocol-http1 (~> 0.19.0)
      protocol-http2 (~> 0.17.0)
      traces (>= 0.10.0)
    async-http-faraday (0.14.0)
      async-http (~> 0.42)
      faraday
    async-pool (0.6.1)
      async (>= 1.25)
    base64 (0.2.0)
    bigdecimal (3.1.7)
    cmdparse (3.0.7)
    coderay (1.1.3)
    concurrent-ruby (1.2.3)
    connection_pool (2.4.1)
    console (1.25.2)
      fiber-annotation
      fiber-local (~> 1.1)
      json
    css_parser (1.17.1)
      addressable
    drb (2.2.1)
    faraday (2.9.0)
      faraday-net_http (>= 2.0, < 3.2)
    faraday-http-cache (2.5.1)
      faraday (>= 0.8)
    faraday-net_http (3.1.0)
      net-http
    faraday-retry (1.0.3)
    fiber-annotation (0.2.0)
    fiber-local (1.1.0)
      fiber-storage
    fiber-storage (0.1.0)
    geom2d (0.4.1)
    github_changelog_generator (1.16.4)
      activesupport
      async (>= 1.25.0)
      async-http-faraday
      faraday-http-cache
      multi_json
      octokit (~> 4.6)
      rainbow (>= 2.2.1)
      rake (>= 10.0)
    hashery (2.1.2)
    hexapdf (0.41.0)
      cmdparse (~> 3.0, >= 3.0.3)
      geom2d (~> 0.4, >= 0.4.1)
      openssl (>= 2.2.1)
    i18n (1.14.5)
      concurrent-ruby (~> 1.0)
    io-endpoint (0.10.2)
    io-event (1.5.1)
    io-stream (0.4.0)
    json (2.7.2)
    matrix (0.4.2)
    minitest (5.22.3)
    multi_json (1.15.0)
    mutex_m (0.2.0)
    net-http (0.4.1)
      uri
    octokit (4.25.1)
      faraday (>= 1, < 3)
      sawyer (~> 0.9)
    openssl (3.2.0)
    pdf-core (0.9.0)
    pdf-reader (2.12.0)
      Ascii85 (~> 1.0)
      afm (~> 0.2.1)
      hashery (~> 2.0)
      ruby-rc4
      ttfunk
    polyglot (0.3.5)
    prawn (2.4.0)
      pdf-core (~> 0.9.0)
      ttfunk (~> 1.7)
    prawn-icon (3.1.0)
      prawn (>= 1.1.0, < 3.0.0)
    prawn-svg (0.34.2)
      css_parser (~> 1.6)
      matrix (~> 0.4.2)
      prawn (>= 0.11.1, < 3)
      rexml (~> 3.2)
    prawn-templates (0.1.2)
      pdf-reader (~> 2.0)
      prawn (~> 2.2)
    protocol-hpack (1.4.3)
    protocol-http (0.26.5)
    protocol-http1 (0.19.1)
      protocol-http (~> 0.22)
    protocol-http2 (0.17.0)
      protocol-hpack (~> 1.4)
      protocol-http (~> 0.18)
    public_suffix (5.0.5)
    pygments.rb (2.4.1)
    rainbow (3.1.1)
    rake (13.2.1)
    rexml (3.3.6)
      strscan
    rghost (0.9.9)
    rouge (4.2.1)
    ruby-rc4 (0.1.5)
    sawyer (0.9.2)
      addressable (>= 2.3.5)
      faraday (>= 0.17.3, < 3)
    specific_install (0.3.8)
    strscan (3.1.0)
    text-hyphen (1.5.0)
    timers (4.3.5)
    traces (0.11.1)
    treetop (1.6.12)
      polyglot (~> 0.3)
    tzinfo (2.0.6)
      concurrent-ruby (~> 1.0)
    uri (0.13.0)

PLATFORMS
  arm64-darwin-21
  ruby
  x86_64-darwin-21
  x86_64-darwin-22
  x86_64-linux

DEPENDENCIES
  asciidoctor-pdf!
  coderay
  faraday-retry
  github_changelog_generator
  hexapdf
  matrix
  prawn
  prawn-table!
  pygments.rb
  rexml (>= 3.3.6)
  rghost
  rouge
  specific_install
  text-hyphen
  ttfunk!

BUNDLED WITH
   2.3.8
