GEM
  remote: https://rubygems.org/
  specs:
    concurrent-ruby (1.3.5)
    logger (1.7.0)
    nio4r (2.7.4)
    puma (6.6.0)
      nio4r (~> 2.0)
    rack (3.1.16)
    semantic_logger (4.16.1)
      concurrent-ruby (~> 1.0)

PLATFORMS
  arm64-darwin-24
  ruby

DEPENDENCIES
  logger
  puma
  rack
  semantic_logger

BUNDLED WITH
   2.6.2
